GEM
  remote: https://rubygems.org/
  specs:
    awesome_print (1.9.2)
    binding_of_caller (1.0.1)
      debug_inspector (>= 1.2.0)
    byebug (12.0.0)
    coderay (1.1.3)
    date (3.4.1)
    debug_inspector (1.2.0)
    diff-lcs (1.6.2)
    erb (5.0.1)
    io-console (0.8.0)
    irb (1.15.2)
      pp (>= 0.6.0)
      rdoc (>= 4.0.0)
      reline (>= 0.4.2)
    method_source (1.1.0)
    ostruct (0.6.2)
    pp (0.6.2)
      prettyprint
    prettyprint (0.2.0)
    pry (0.15.2)
      coderay (~> 1.1)
      method_source (~> 1.0)
    pry-byebug (3.11.0)
      byebug (~> 12.0)
      pry (>= 0.13, < 0.16)
    pry-doc (1.6.0)
      pry (~> 0.11)
      yard (~> 0.9.11)
    pry-stack_explorer (0.6.1)
      binding_of_caller (~> 1.0)
      pry (~> 0.13)
    psych (5.2.6)
      date
      stringio
    rdoc (6.14.1)
      erb
      psych (>= 4.0.0)
    reline (0.6.1)
      io-console (~> 0.5)
    rspec (3.13.1)
      rspec-core (~> 3.13.0)
      rspec-expectations (~> 3.13.0)
      rspec-mocks (~> 3.13.0)
    rspec-core (3.13.5)
      rspec-support (~> 3.13.0)
    rspec-expectations (3.13.5)
      diff-lcs (>= 1.2.0, < 2.0)
      rspec-support (~> 3.13.0)
    rspec-mocks (3.13.5)
      diff-lcs (>= 1.2.0, < 2.0)
      rspec-support (~> 3.13.0)
    rspec-support (3.13.4)
    stringio (3.1.7)
    yard (0.9.37)

PLATFORMS
  arm64-darwin-24
  ruby

DEPENDENCIES
  awesome_print
  irb
  ostruct
  pry
  pry-byebug
  pry-doc
  pry-stack_explorer
  reline
  rspec

BUNDLED WITH
   2.6.9
